GEM
  remote: https://rubygems.org/
  specs:
    dbd-mysql (0.4.4)
      dbi (>= 0.4.0)
      mysql
    dbi (0.4.5)
      deprecated (= 2.0.1)
    deprecated (2.0.1)
    mustermann (2.0.2)
      ruby2_keywords (~> 0.0.1)
    mysql (2.9.1)
    rack (2.2.8.1)
    rack-protection (2.2.3)
      rack
    ruby2_keywords (0.0.5)
    sinatra (2.2.3)
      mustermann (~> 2.0)
      rack (~> 2.2)
      rack-protection (= 2.2.3)
      tilt (~> 2.0)
    tilt (2.0.11)

PLATFORMS
  ruby

DEPENDENCIES
  dbd-mysql (~> 0.4.4)!
  dbi (~> 0.4.5)!
  sinatra (~> 2.2)!

BUNDLED WITH
   1.14.4
