GEM
  remote: https://rubygems.org/
  specs:
    mustermann (2.0.2)
      ruby2_keywords (~> 0.0.1)
    mysql2 (0.5.6)
    nio4r (2.7.4)
    puma (6.5.0)
      nio4r (~> 2.0)
    rack (2.2.10)
    rack-protection (2.2.4)
      rack
    rackup (1.0.1)
      rack (< 3)
      webrick
    ruby2_keywords (0.0.5)
    sinatra (2.2.4)
      mustermann (~> 2.0)
      rack (~> 2.2)
      rack-protection (= 2.2.4)
      tilt (~> 2.0)
    tilt (2.5.0)
    webrick (1.9.1)

PLATFORMS
  ruby
  x86_64-linux

DEPENDENCIES
  mysql2 (~> 0.5.6)
  puma (~> 6.5)
  rackup (~> 1.0)
  sinatra (~> 2.2)

BUNDLED WITH
   2.5.23
